GEM
  remote: https://rubygems.org/
  specs:
    addressable (2.3.7)
    builder (3.2.2)
    capybara (2.1.0)
      mime-types (>= 1.16)
      nokogiri (>= 1.3.3)
      rack (>= 1.0.0)
      rack-test (>= 0.5.4)
      xpath (~> 2.0)
    capybara-screenshot (1.0.3)
      capybara (>= 1.0, < 3)
      colored
      launchy
    childprocess (0.5.5)
      ffi (~> 1.0, >= 1.0.11)
    cliver (0.3.2)
    colored (1.2)
    cucumber (1.3.10)
      builder (>= 2.1.2)
      diff-lcs (>= 1.1.3)
      gherkin (~> 2.12)
      multi_json (>= 1.7.5, < 2.0)
      multi_test (>= 0.0.2)
    diff-lcs (1.2.5)
    ffi (1.9.6)
    gherkin (2.12.2)
      multi_json (~> 1.3)
    json (1.8.2)
    launchy (2.4.2)
      addressable (~> 2.3)
    mime-types (2.4.3)
    mini_portile (0.5.3)
    multi_json (1.11.0)
    multi_test (0.1.2)
    nokogiri (1.6.1)
      mini_portile (~> 0.5.0)
    phantomjs (1.9.7.1)
    poltergeist (1.5.1)
      capybara (~> 2.1)
      cliver (~> 0.3.1)
      multi_json (~> 1.0)
      websocket-driver (>= 0.2.0)
    power_assert (0.2.3)
    rack (1.6.0)
    rack-test (0.6.3)
      rack (>= 1.0)
    rake (10.1.1)
    rest-client (1.6.7)
      mime-types (>= 1.16)
    rspec (2.14.1)
      rspec-core (~> 2.14.0)
      rspec-expectations (~> 2.14.0)
      rspec-mocks (~> 2.14.0)
    rspec-core (2.14.8)
    rspec-expectations (2.14.5)
      diff-lcs (>= 1.1.3, < 2.0)
    rspec-mocks (2.14.6)
    rubyzip (1.1.7)
    selenium-webdriver (2.44.0)
      childprocess (~> 0.5)
      multi_json (~> 1.0)
      rubyzip (~> 1.0)
      websocket (~> 1.0)
    test-unit (3.0.9)
      power_assert
    websocket (1.2.1)
    websocket-driver (0.5.3)
      websocket-extensions (>= 0.1.0)
    websocket-extensions (0.1.2)
    xpath (2.0.0)
      nokogiri (~> 1.3)

PLATFORMS
  ruby

DEPENDENCIES
  capybara (= 2.1.0)
  capybara-screenshot (= 1.0.3)
  cucumber (= 1.3.10)
  json (= 1.8.2)
  launchy (= 2.4.2)
  nokogiri (= 1.6.1)
  phantomjs (= 1.9.7.1)
  poltergeist (= 1.5.1)
  rake (= 10.1.1)
  rest-client (= 1.6.7)
  rspec (= 2.14.1)
  selenium-webdriver (= 2.44.0)
  test-unit (= 3.0.9)
